GEM
  remote: https://rubygems.org/
  specs:
    yahoofinance (1.2.2)

PLATFORMS
  ruby

DEPENDENCIES
  yahoofinance
